GEM
  remote: http://rubygems.org/
  specs:
    addressable (2.2.7)
    blankslate (2.1.2.4)
    bluecloth (2.2.0)
    daemons (1.1.8)
    em-http-request (0.3.0)
      addressable (>= 2.0.0)
      escape_utils
      eventmachine (>= 0.12.9)
    escape_utils (0.2.4)
    eventmachine (0.12.10)
    faker (1.0.1)
      i18n (~> 0.4)
    gli (1.5.1)
    i18n (0.6.0)
    json (1.6.5)
    multi_json (1.0.4)
    multi_xml (0.4.1)
    mustache (0.99.4)
    nest (1.1.0)
      redis (~> 2.1)
    nokogiri (1.5.0)
    ohm (0.1.3)
      nest (~> 1.0)
    ohm-contrib (0.1.2)
      ohm
    parslet (1.2.3)
      blankslate (~> 2.0)
    pusher (0.9.2)
      multi_json (~> 1.0)
      ruby-hmac (~> 0.4.0)
      signature (~> 0.1.2)
    rack (1.4.1)
    rack-parser (0.1.2)
      multi_json
      multi_xml
      rack
    rack-protection (1.2.0)
      rack
    redis (2.2.2)
    ruby-hmac (0.4.0)
    shotgun (0.9)
      rack (>= 1.0)
    showoff (0.7.0)
      bluecloth
      gli (>= 1.3.2)
      json
      nokogiri
      parslet
      sinatra
    signature (0.1.2)
      ruby-hmac
    sinatra (1.3.2)
      rack (~> 1.3, >= 1.3.6)
      rack-protection (~> 1.2)
      tilt (~> 1.3, >= 1.3.3)
    thin (1.3.1)
      daemons (>= 1.0.9)
      eventmachine (>= 0.12.6)
      rack (>= 1.0.0)
    tilt (1.3.3)
    tzinfo (0.3.31)

PLATFORMS
  ruby

DEPENDENCIES
  em-http-request (~> 0.3.0)
  faker
  json (~> 1.6.5)
  mustache (~> 0.99.4)
  ohm (~> 0.1.3)
  ohm-contrib (~> 0.1.2)
  pusher (~> 0.9.2)
  rack-parser (~> 0.1.2)
  shotgun
  showoff
  sinatra (~> 1.3.2)
  thin (~> 1.3.1)
  tzinfo (~> 0.3.31)
